GEM
  remote: https://rubygems.org/
  specs:
    escort (0.4.0)
      nesty
    nesty (1.0.2)
    net-sftp (2.1.2)
      net-ssh (>= 2.6.5)
    net-ssh (5.2.0)
    rb-readline (0.5.5)

PLATFORMS
  ruby

DEPENDENCIES
  escort
  net-sftp
  rb-readline

BUNDLED WITH
   2.1.4
