GEM
  remote: https://rubygems.org/
  specs:
    escort (0.4.0)
      nesty
    nesty (1.0.2)

PLATFORMS
  ruby

DEPENDENCIES
  escort
